GEM
  remote: http://rubygems.org/
  specs:
    activesupport (3.2.12)
      i18n (~> 0.6)
      multi_json (~> 1.0)
    haml (4.0.3)
      tilt
    i18n (0.6.4)
    multi_json (1.7.4)
    rack (1.5.2)
    rack-protection (1.5.0)
      rack
    sinatra (1.4.2)
      rack (~> 1.5, >= 1.5.2)
      rack-protection (~> 1.4)
      tilt (~> 1.3, >= 1.3.4)
    sinatra-partial (0.4.0)
      sinatra
    sk_api_schema (0.7.7)
      activesupport
    tilt (1.4.1)

PLATFORMS
  ruby

DEPENDENCIES
  activesupport
  haml
  i18n
  sinatra
  sinatra-partial
  sk_api_schema
